PATH
  remote: .
  specs:
    mruby_utils (3.0.4)
      rake (>= 11.0.0)

GEM
  remote: https://rubygems.org/
  specs:
    rake (13.0.6)

PLATFORMS
  ruby

DEPENDENCIES
  bundler
  mruby_utils!

BUNDLED WITH
   2.3.17
