PATH
  remote: .
  specs:
    mruby_utils (3.2.0)
      rake (>= 11.0.0)

GEM
  remote: https://rubygems.org/
  specs:
    rake (13.2.1)

PLATFORMS
  ruby

DEPENDENCIES
  bundler
  mruby_utils!

BUNDLED WITH
   2.5.11
